PATH
  remote: .
  specs:
    kele (0.0.1)
      httparty (~> 0.13e)

GEM
  remote: https://rubygems.org/
  specs:
    diff-lcs (1.2.5)
    figaro (1.1.1)
      thor (~> 0.14)
    httparty (0.14.0)
      multi_xml (>= 0.5.2)
    json (1.8.3)
    multi_xml (0.6.0)
    rake (10.5.0)
    rspec (3.5.0)
      rspec-core (~> 3.5.0)
      rspec-expectations (~> 3.5.0)
      rspec-mocks (~> 3.5.0)
    rspec-core (3.5.4)
      rspec-support (~> 3.5.0)
    rspec-expectations (3.5.0)
      diff-lcs (>= 1.2.0, < 2.0)
      rspec-support (~> 3.5.0)
    rspec-mocks (3.5.0)
      diff-lcs (>= 1.2.0, < 2.0)
      rspec-support (~> 3.5.0)
    rspec-support (3.5.0)
    thor (0.19.4)

PLATFORMS
  ruby

DEPENDENCIES
  bundler (~> 1.12)
  figaro
  httparty (~> 0.13)
  json (~> 1.8, >= 1.8.3)
  kele!
  rake (~> 10.0)
  rspec (~> 3.0)

BUNDLED WITH
   1.12.5
